GEM
  remote: https://rubygems.org/
  specs:
    colorize (0.7.7)
    mini_portile2 (2.0.0)
    nokogiri (1.6.7.2)
      mini_portile2 (~> 2.0.0.rc2)
    slop (4.3.0)
    unicode (0.4.4.2)

PLATFORMS
  ruby

DEPENDENCIES
  colorize
  nokogiri
  slop
<<<<<<< HEAD
  unicode
=======

BUNDLED WITH
   1.11.2
>>>>>>> fd8829b33090bad950431892c95a5bdeb3f29a9c
