GEM
  remote: https://rubygems.org/
  specs:
    colorize (0.7.7)
    mini_portile2 (2.0.0)
    nokogiri (1.6.7.2)
      mini_portile2 (~> 2.0.0.rc2)
    slop (4.3.0)

PLATFORMS
  ruby

DEPENDENCIES
  colorize
  nokogiri
  slop
